PATH
  remote: .
  specs:
    sms (0.2.1)

GEM
  remote: https://rubygems.org/
  specs:
    addressable (2.7.0)
      public_suffix (>= 2.0.2, < 5.0)
    ast (2.4.1)
    crack (0.4.3)
      safe_yaml (~> 1.0.0)
    hashdiff (1.0.1)
    minitest (5.14.1)
    minitest-focus (1.2.1)
      minitest (>= 4, < 6)
    parallel (1.19.2)
    parser (2.7.1.4)
      ast (~> 2.4.1)
    power_assert (1.2.0)
    public_suffix (4.0.5)
    rainbow (3.0.0)
    rake (13.0.1)
    regexp_parser (1.7.1)
    rexml (3.2.4)
    rubocop (0.89.0)
      parallel (~> 1.10)
      parser (>= 2.7.1.1)
      rainbow (>= 2.2.2, < 4.0)
      regexp_parser (>= 1.7)
      rexml
      rubocop-ast (>= 0.1.0, < 1.0)
      ruby-progressbar (~> 1.7)
      unicode-display_width (>= 1.4.0, < 2.0)
    rubocop-ast (0.3.0)
      parser (>= 2.7.1.4)
    rubocop-minitest (0.10.1)
      rubocop (>= 0.87)
    rubocop-performance (1.7.1)
      rubocop (>= 0.82.0)
    ruby-progressbar (1.10.1)
    safe_yaml (1.0.5)
    test-unit (3.3.6)
      power_assert
    unicode-display_width (1.7.0)
    webmock (3.8.3)
      addressable (>= 2.3.6)
      crack (>= 0.3.2)
      hashdiff (>= 0.4.0, < 2.0.0)

PLATFORMS
  ruby

DEPENDENCIES
  minitest
  minitest-focus
  rake
  rubocop
  rubocop-minitest
  rubocop-performance
  sms!
  test-unit
  webmock

RUBY VERSION
   ruby 2.7.0p0

BUNDLED WITH
   2.1.4
